GIT
  remote: git://github.com/hanami/model.git
  revision: 25826b81aa0bfa317e6786b823911d5a2d7966df
  specs:
    hanami-model (0.7.0)
      hanami-utils (~> 0.8)
      sequel (~> 4.9)

GIT
  remote: git://github.com/hanami/utils.git
  revision: 9c150d6f9fe2b62aa984fd0e2641df44705633ac
  specs:
    hanami-utils (0.8.0)

GIT
  remote: git://github.com/theCrab/hanami-fumikiri.git
  revision: 45735d9f9601d5c48d784450cf32aa4d9211411e
  specs:
    hanami-fumikiri (0.0.1)
      hanami-utils
      jwt
      rack

GEM
  remote: https://rubygems.org/
  specs:
    addressable (2.4.0)
    bcrypt (3.1.11)
    capybara (2.7.1)
      addressable
      mime-types (>= 1.16)
      nokogiri (>= 1.3.3)
      rack (>= 1.0.0)
      rack-test (>= 0.5.4)
      xpath (~> 2.0)
    coderay (1.1.1)
    dotenv (2.1.1)
    hanami (0.7.3)
      bundler (~> 1.6)
      dotenv (~> 2.0)
      hanami-assets (~> 0.2)
      hanami-controller (~> 0.6)
      hanami-helpers (~> 0.3)
      hanami-mailer (~> 0.2)
      hanami-router (~> 0.6)
      hanami-utils (~> 0.7)
      hanami-view (~> 0.6)
      shotgun (~> 0.9)
      thor (~> 0.19)
    hanami-assets (0.2.1)
      hanami-helpers (~> 0.3)
      hanami-utils (~> 0.7)
      tilt (~> 2.0, >= 2.0.2)
    hanami-controller (0.6.1)
      hanami-utils (~> 0.7)
      hanami-validations (~> 0.5)
      rack (~> 1.6, >= 1.6.2)
    hanami-helpers (0.3.0)
      hanami-utils (~> 0.7)
    hanami-mailer (0.2.0)
      hanami-utils (~> 0.7)
      mail (~> 2.5)
      tilt (~> 2.0, >= 2.0.1)
    hanami-router (0.6.2)
      hanami-utils (~> 0.7)
      http_router (~> 0.11)
    hanami-validations (0.5.0)
      hanami-utils (~> 0.7)
    hanami-view (0.6.1)
      hanami-utils (~> 0.7)
      tilt (~> 2.0, >= 2.0.1)
    http_router (0.11.2)
      rack (>= 1.0.0)
      url_mount (~> 0.2.1)
    jwt (1.5.4)
    mail (2.6.4)
      mime-types (>= 1.16, < 4)
    method_source (0.8.2)
    mime-types (3.1)
      mime-types-data (~> 3.2015)
    mime-types-data (3.2016.0521)
    mini_portile2 (2.1.0)
    minitest (5.9.0)
    nokogiri (1.6.8)
      mini_portile2 (~> 2.1.0)
      pkg-config (~> 1.1.7)
    pkg-config (1.1.7)
    pry (0.10.3)
      coderay (~> 1.1.0)
      method_source (~> 0.8.1)
      slop (~> 3.4)
    puma (3.4.0)
    rack (1.6.4)
    rack-test (0.6.3)
      rack (>= 1.0)
    rake (10.5.0)
    sequel (4.35.0)
    shotgun (0.9.1)
      rack (>= 1.0)
    slop (3.6.0)
    sqlite3 (1.3.11)
    thor (0.19.1)
    tilt (2.0.5)
    url_mount (0.2.1)
      rack
    xpath (2.0.0)
      nokogiri (~> 1.3)

PLATFORMS
  ruby

DEPENDENCIES
  bcrypt
  bundler
  capybara
  hanami
  hanami-fumikiri!
  hanami-model!
  hanami-utils!
  minitest
  pry
  puma
  rake (= 10.5)
  sqlite3

BUNDLED WITH
   1.11.2
